GEM
  specs:
    pg (0.21.0)
    rake (10.5.0)
    sqlite3 (1.3.13)

PLATFORMS
  ruby

DEPENDENCIES
  pg
  rake (~> 10.4, >= 10.4.2)
  sqlite3

BUNDLED WITH
   1.15.1
